PATH
  remote: .
  specs:
    graphshaper (0.2.2)
      httparty (~> 0.8.1)

GEM
  remote: https://rubygems.org/
  specs:
    addressable (2.2.7)
    crack (0.3.1)
    diff-lcs (1.1.3)
    httparty (0.8.1)
      multi_json
      multi_xml
    multi_json (1.2.0)
    multi_xml (0.4.2)
    rake (0.9.2.2)
    rspec (2.9.0)
      rspec-core (~> 2.9.0)
      rspec-expectations (~> 2.9.0)
      rspec-mocks (~> 2.9.0)
    rspec-core (2.9.0)
    rspec-expectations (2.9.0)
      diff-lcs (~> 1.1.3)
    rspec-mocks (2.9.0)
    webmock (1.8.6)
      addressable (>= 2.2.7)
      crack (>= 0.1.7)
    yard (0.7.5)

PLATFORMS
  ruby

DEPENDENCIES
  graphshaper!
  rake (~> 0.9.2.2)
  rspec (~> 2.9.0)
  webmock (~> 1.8.6)
  yard (~> 0.7.5)
